GEM
  remote: http://rubygems.org/
  specs:
    albacore (0.3.5)
      rubyzip
    configatron (3.1.3)
    rubyzip (1.1.3)

PLATFORMS
  x86-mingw32

DEPENDENCIES
  albacore (= 0.3.5)
  configatron
